GEM
  remote: https://rubygems.org/
  specs:
    ffi (1.9.14)
    guard (0.10.0)
      ffi (>= 0.5.0)
      thor (~> 0.14.6)
    guard-shell (0.4.0)
      guard (>= 0.2.0)
    thor (0.14.6)

PLATFORMS
  ruby

DEPENDENCIES
  guard!
  guard-shell!

BUNDLED WITH
   1.13.6
